PATH
  remote: .
  specs:
    cpsms (0.1.6)
      httparty (~> 0.10.2)
      libxml-ruby (~> 2.8.0)

GEM
  remote: https://rubygems.org/
  specs:
    addressable (2.3.6)
    ansi (1.4.2)
    crack (0.4.2)
      safe_yaml (~> 1.0.0)
    ffi (1.0.11)
    ffi (1.0.11-java)
    guard (0.10.0)
      ffi (>= 0.5.0)
      thor (~> 0.14.6)
    guard-minitest (0.4.0)
      guard (~> 0.4)
    httparty (0.10.2)
      multi_json (~> 1.0)
      multi_xml (>= 0.5.2)
    libxml-ruby (2.8.0)
    metaclass (0.0.1)
    minitest (2.11.2)
    mocha (0.10.5)
      metaclass (~> 0.0.1)
    multi_json (1.12.1)
    multi_xml (0.5.5)
    rake (0.9.2.2)
    safe_yaml (1.0.4)
    thor (0.14.6)
    turn (0.9.3)
      ansi
    vcr (2.9.3)
    webmock (1.20.4)
      addressable (>= 2.3.6)
      crack (>= 0.3.2)

PLATFORMS
  java
  ruby

DEPENDENCIES
  cpsms!
  guard-minitest (~> 0.4.0)
  minitest (~> 2.11.2)
  mocha (~> 0.10.5)
  rake (~> 0.9.2)
  turn (~> 0.9.3)
  vcr (~> 2.9.3)
  webmock (~> 1.20.4)

BUNDLED WITH
   1.11.2
